PATH
  remote: .
  specs:
    privacy (0.1.1)
      creek
      thor

GEM
  remote: https://rubygems.org/
  specs:
    creek (2.5.2)
      nokogiri (>= 1.10.0)
      rubyzip (>= 1.0.0)
    mini_portile2 (2.4.0)
    nokogiri (1.10.9)
      mini_portile2 (~> 2.4.0)
    rake (12.3.3)
    rubyzip (2.3.0)
    thor (0.20.3)

PLATFORMS
  ruby

DEPENDENCIES
  privacy!
  rake (~> 12.0)

BUNDLED WITH
   2.1.4
